PATH
  remote: .
  specs:
    rdoc-markdown (0.3.6)
      erb (~> 2.0)
      extralite-bundle (~> 1.0)
      rdoc (~> 6.0)
      reverse_markdown (~> 2.0)
      unindent (~> 1.0)

GEM
  remote: https://rubygems.org/
  specs:
    ast (2.4.2)
    cgi (0.3.3)
    erb (2.2.3)
      cgi
    extralite-bundle (1.17)
    json (2.6.2)
    minitest (5.16.3)
    nokogiri (1.13.9-arm64-darwin)
      racc (~> 1.4)
    nokogiri (1.13.9-x86_64-linux)
      racc (~> 1.4)
    parallel (1.22.1)
    parser (3.1.2.1)
      ast (~> 2.4.1)
    psych (4.0.6)
      stringio
    racc (1.6.0)
    rainbow (3.1.1)
    rake (13.0.6)
    rdiscount (2.2.7)
    rdoc (6.4.0)
      psych (>= 4.0.0)
    regexp_parser (2.6.1)
    reverse_markdown (2.1.1)
      nokogiri
    rexml (3.2.5)
    rubocop (1.39.0)
      json (~> 2.3)
      parallel (~> 1.10)
      parser (>= 3.1.2.1)
      rainbow (>= 2.2.2, < 4.0)
      regexp_parser (>= 1.8, < 3.0)
      rexml (>= 3.2.5, < 4.0)
      rubocop-ast (>= 1.23.0, < 2.0)
      ruby-progressbar (~> 1.7)
      unicode-display_width (>= 1.4.0, < 3.0)
    rubocop-ast (1.23.0)
      parser (>= 3.1.1.0)
    rubocop-performance (1.15.0)
      rubocop (>= 1.7.0, < 2.0)
      rubocop-ast (>= 0.4.0)
    ruby-progressbar (1.11.0)
    standard (1.18.0)
      rubocop (= 1.39.0)
      rubocop-performance (= 1.15.0)
    stringio (3.0.2)
    unicode-display_width (2.3.0)
    unindent (1.0)

PLATFORMS
  arm64-darwin-21
  x86_64-linux

DEPENDENCIES
  bundler (~> 2.0)
  minitest (~> 5.0)
  rake (~> 13.0)
  rdiscount (~> 2.0)
  rdoc-markdown!
  standard (~> 1.3)

BUNDLED WITH
   2.3.20
