PATH
  remote: .
  specs:
    rdoc-markdown (0.4.1)
      erb (~> 2.0)
      extralite-bundle (~> 1.0)
      rdoc (~> 6.0)
      reverse_markdown (~> 2.0)
      unindent (~> 1.0)

GEM
  remote: https://rubygems.org/
  specs:
    cgi (0.3.3)
    erb (2.2.3)
      cgi
    extralite-bundle (1.17)
    mini_portile2 (2.8.4)
    minitest (5.16.3)
    nokogiri (1.13.9)
      mini_portile2 (~> 2.8.0)
      racc (~> 1.4)
    prettier_print (1.2.1)
    psych (4.0.6)
      stringio
    racc (1.6.0)
    rake (13.0.6)
    rdiscount (2.2.7)
    rdoc (6.4.0)
      psych (>= 4.0.0)
    reverse_markdown (2.1.1)
      nokogiri
    stringio (3.0.2)
    syntax_tree (6.1.1)
      prettier_print (>= 1.2.0)
    syntax_tree-disable_ternary (1.0.0)
    unindent (1.0)

PLATFORMS
  arm64-darwin-21
  arm64-darwin-22
  x86_64-linux

DEPENDENCIES
  bundler (~> 2.0)
  minitest (~> 5.0)
  rake (~> 13.0)
  rdiscount (~> 2.0)
  rdoc-markdown!
  syntax_tree
  syntax_tree-disable_ternary

BUNDLED WITH
   2.4.19
