PATH
  remote: .
  specs:
    rdoc-markdown (0.4.2)
      erb
      rdoc
      reverse_markdown
      unindent

GEM
  remote: https://rubygems.org/
  specs:
    cgi (0.4.1)
    date (3.4.1)
    erb (4.0.4)
      cgi (>= 0.3.3)
    minitest (5.25.4)
    nokogiri (1.18.0-aarch64-linux-gnu)
      racc (~> 1.4)
    nokogiri (1.18.0-aarch64-linux-musl)
      racc (~> 1.4)
    nokogiri (1.18.0-arm-linux-gnu)
      racc (~> 1.4)
    nokogiri (1.18.0-arm-linux-musl)
      racc (~> 1.4)
    nokogiri (1.18.0-arm64-darwin)
      racc (~> 1.4)
    nokogiri (1.18.0-x86_64-darwin)
      racc (~> 1.4)
    nokogiri (1.18.0-x86_64-linux-gnu)
      racc (~> 1.4)
    nokogiri (1.18.0-x86_64-linux-musl)
      racc (~> 1.4)
    psych (5.2.2)
      date
      stringio
    racc (1.8.1)
    rake (13.2.1)
    rdiscount (2.2.7.3)
    rdoc (6.10.0)
      psych (>= 4.0.0)
    reverse_markdown (3.0.0)
      nokogiri
    stringio (3.1.2)
    unindent (1.0)

PLATFORMS
  aarch64-linux-gnu
  aarch64-linux-musl
  arm-linux-gnu
  arm-linux-musl
  arm64-darwin
  x86_64-darwin
  x86_64-linux-gnu
  x86_64-linux-musl

DEPENDENCIES
  bundler (~> 2.0)
  minitest (~> 5.0)
  rake (~> 13.0)
  rdiscount (~> 2.0)
  rdoc-markdown!

BUNDLED WITH
   2.6.1
